GEM
  remote: http://rubygems.org/
  specs:
    erubis (2.7.0)
    kgio (2.7.4)
    rack (1.4.3)
    rack-flash3 (1.0.3)
      rack
    rack-protection (1.3.2)
      rack
    raindrops (0.10.0)
    redis (3.0.2)
    sinatra (1.3.3)
      rack (~> 1.3, >= 1.3.6)
      rack-protection (~> 1.2)
      tilt (~> 1.3, >= 1.3.3)
    tilt (1.3.3)
    unicorn (4.5.0)
      kgio (~> 2.6)
      rack
      raindrops (~> 0.7)

PLATFORMS
  ruby

DEPENDENCIES
  erubis
  rack-flash3
  redis
  sinatra
  unicorn
